PATH
  remote: example-client
  specs:
    example-client (0.0.1)
      addressable
      equalizer
      httpclient

GEM
  remote: https://rubygems.org/
  specs:
    activesupport (4.0.2)
      i18n (~> 0.6, >= 0.6.4)
      minitest (~> 4.2)
      multi_json (~> 1.3)
      thread_safe (~> 0.1)
      tzinfo (~> 0.3.37)
    addressable (2.3.5)
    atomic (1.1.14)
    atomic (1.1.14-java)
    backports (3.3.5)
    crack (0.4.1)
      safe_yaml (~> 0.9.0)
    dim (1.2.7)
    equalizer (0.0.9)
    factory_girl (4.3.0)
      activesupport (>= 3.0.0)
    flexmock (1.3.2)
    httpclient (2.3.4.1)
    i18n (0.6.9)
    minitest (4.7.5)
    multi_json (1.8.2)
    rack (1.5.2)
    rack-protection (1.5.1)
      rack
    rack-test (0.6.2)
      rack (>= 1.0)
    rake (10.1.0)
    safe_yaml (0.9.7)
    shoulda-context (1.1.6)
    sinatra (1.4.4)
      rack (~> 1.4)
      rack-protection (~> 1.4)
      tilt (~> 1.3, >= 1.3.4)
    sinatra-contrib (1.4.2)
      backports (>= 2.0)
      multi_json
      rack-protection
      rack-test
      sinatra (~> 1.4.0)
      tilt (~> 1.3)
    thread_safe (0.1.3)
      atomic
    thread_safe (0.1.3-java)
      atomic
    tilt (1.4.1)
    tzinfo (0.3.38)
    webmock (1.16.1)
      addressable (>= 2.2.7)
      crack (>= 0.3.2)

PLATFORMS
  java
  ruby

DEPENDENCIES
  dim
  equalizer
  example-client!
  factory_girl
  flexmock
  rack-test
  rake
  shoulda-context
  sinatra
  sinatra-contrib
  webmock
